GEM
  remote: http://gems.webzer.net/
  specs:
    rack (1.2.2)

PLATFORMS
  ruby

DEPENDENCIES
  rack (>= 1.0.0)
